PATH
  remote: .
  specs:
    sequel-asterisk-hunter (1.2.0)
      rubocop (~> 0.63.0)
      sequel (~> 5.10)

GEM
  remote: https://rubygems.org/
  specs:
    ast (2.4.0)
    coderay (1.1.2)
    diff-lcs (1.3)
    docile (1.1.5)
    jaro_winkler (1.5.2)
    json (2.1.0)
    method_source (0.8.2)
    parallel (1.13.0)
    parser (2.6.0.0)
      ast (~> 2.4.0)
    powerpack (0.1.2)
    pry (0.10.4)
      coderay (~> 1.1.0)
      method_source (~> 0.8.1)
      slop (~> 3.4)
    rainbow (3.0.0)
    rake (12.0.0)
    rspec (3.7.0)
      rspec-core (~> 3.7.0)
      rspec-expectations (~> 3.7.0)
      rspec-mocks (~> 3.7.0)
    rspec-core (3.7.1)
      rspec-support (~> 3.7.0)
    rspec-expectations (3.7.0)
      diff-lcs (>= 1.2.0, < 2.0)
      rspec-support (~> 3.7.0)
    rspec-mocks (3.7.0)
      diff-lcs (>= 1.2.0, < 2.0)
      rspec-support (~> 3.7.0)
    rspec-support (3.7.1)
    rubocop (0.63.1)
      jaro_winkler (~> 1.5.1)
      parallel (~> 1.10)
      parser (>= 2.5, != 2.5.1.1)
      powerpack (~> 0.1)
      rainbow (>= 2.2.2, < 4.0)
      ruby-progressbar (~> 1.7)
      unicode-display_width (~> 1.4.0)
    ruby-progressbar (1.10.0)
    sequel (5.17.0)
    simplecov (0.13.0)
      docile (~> 1.1.0)
      json (>= 1.8, < 3)
      simplecov-html (~> 0.10.0)
    simplecov-html (0.10.2)
    slop (3.6.0)
    unicode-display_width (1.4.1)

PLATFORMS
  ruby

DEPENDENCIES
  pry (= 0.10.4)
  rake (= 12.0.0)
  rspec (= 3.7.0)
  sequel-asterisk-hunter!
  simplecov (= 0.13.0)

BUNDLED WITH
   1.17.2
